PATH
  remote: .
  specs:
    gltail (0.1.9)
      chipmunk
      file-tail
      net-ssh (>= 1.1.4)
      net-ssh-gateway
      opengl (~> 0.8.0)

GEM
  remote: https://rubygems.org/
  specs:
    addressable (2.3.5)
    chipmunk (5.3.4.5)
    excon (0.16.10)
    file-tail (1.0.12)
      tins (~> 0.5)
    heroku (2.35.0)
      heroku-api (~> 0.3.7)
      launchy (>= 0.3.2)
      netrc (~> 0.7.7)
      rest-client (~> 1.6.1)
      rubyzip
    heroku-api (0.3.8)
      excon (~> 0.16.10)
    launchy (2.2.0)
      addressable (~> 2.3)
    mime-types (1.25)
    net-ssh (2.6.5)
    net-ssh-gateway (1.2.0)
      net-ssh (>= 2.6.5)
    netrc (0.7.7)
    opengl (0.8.0)
    rest-client (1.6.7)
      mime-types (>= 1.16)
    rubyzip (0.9.9)
    tins (0.7.0)

PLATFORMS
  ruby

DEPENDENCIES
  gltail!
  heroku
