GIT
  remote: https://github.com/heroku/heroku.git
  revision: ad3d1a538ffdcfe51c483193490198fdacb4b2fc
  branch: v3.0.1
  specs:
    heroku (3.0.1)
      heroku-api (~> 0.3.7)
      launchy (>= 0.3.2)
      netrc (~> 0.7.7)
      rest-client (~> 1.6.1)
      rubyzip

PATH
  remote: .
  specs:
    gltail (0.1.9)
      chipmunk
      file-tail
      net-ssh (>= 1.1.4)
      net-ssh-gateway
      opengl (~> 0.8.0)

GEM
  remote: https://rubygems.org/
  specs:
    addressable (2.3.5)
    chipmunk (5.3.4.5)
    excon (0.25.3)
    file-tail (1.0.12)
      tins (~> 0.5)
    heroku-api (0.3.15)
      excon (~> 0.25.1)
    launchy (2.3.0)
      addressable (~> 2.3)
    mime-types (1.25)
    net-ssh (2.6.5)
    net-ssh-gateway (1.2.0)
      net-ssh (>= 2.6.5)
    netrc (0.7.7)
    opengl (0.8.0)
    rest-client (1.6.7)
      mime-types (>= 1.16)
    rubyzip (1.0.0)
    tins (0.7.0)

PLATFORMS
  ruby

DEPENDENCIES
  gltail!
  heroku!
